GIT
  remote: git://github.com/conickal/paper_trail.git
  revision: 835158a
  specs:
    paper_trail (1.5.0)

GIT
  remote: git://github.com/rymai/devise_invitable.git
  revision: 8b0cd0c
  specs:
    devise_invitable (0.6.7)
      devise (~> 1.1.2)
      rails (~> 3.0.0)

GEM
  remote: http://rubygems.org/
  specs:
    abstract (1.0.0)
    actionmailer (3.0.20)
      actionpack (= 3.0.20)
      mail (~> 2.2.19)
    actionpack (3.0.20)
      activemodel (= 3.0.20)
      activesupport (= 3.0.20)
      builder (~> 2.1.2)
      erubis (~> 2.6.6)
      i18n (~> 0.5.0)
      rack (~> 1.2.5)
      rack-mount (~> 0.6.14)
      rack-test (~> 0.5.7)
      tzinfo (~> 0.3.23)
    activemodel (3.0.20)
      activesupport (= 3.0.20)
      builder (~> 2.1.2)
      i18n (~> 0.5.0)
    activerecord (3.0.20)
      activemodel (= 3.0.20)
      activesupport (= 3.0.20)
      arel (~> 2.0.10)
      tzinfo (~> 0.3.23)
    activeresource (3.0.20)
      activemodel (= 3.0.20)
      activesupport (= 3.0.20)
    activesupport (3.0.20)
    addressable (2.2.1)
    arel (2.0.10)
    bcrypt-ruby (2.1.2)
    builder (2.1.2)
    cancan (1.4.0)
    devise (1.1.3)
      bcrypt-ruby (~> 2.1.2)
      warden (~> 0.10.7)
    devise_oauth2_facebook (0.1.48)
      devise (>= 1.1.1)
      fbgraph
    diff-lcs (1.1.2)
    erubis (2.6.6)
      abstract (>= 1.0.0)
    faraday (0.4.6)
      addressable (>= 2.1.1)
      rack (>= 1.0.1)
    fbgraph (0.1.6.4.1)
      hashie
      json
      oauth2
      rest-client
    haml (3.0.21)
    hashie (0.4.0)
    i18n (0.5.4)
    json (1.4.6)
    mail (2.2.20)
      activesupport (>= 2.3.6)
      i18n (>= 0.4.0)
      mime-types (~> 1.16)
      treetop (~> 1.4.8)
    mime-types (1.25.1)
    multi_json (0.0.4)
    mysql2 (0.2.4)
    nifty-generators (0.4.1)
    nokogiri (1.4.3.1)
    oauth2 (0.0.13)
      faraday (~> 0.4.1)
      multi_json (>= 0.0.4)
    paperclip (2.3.4)
      activerecord
      activesupport
    polyglot (0.3.5)
    rack (1.2.8)
    rack-mount (0.6.14)
      rack (>= 1.0.0)
    rack-test (0.5.7)
      rack (>= 1.0)
    rails (3.0.20)
      actionmailer (= 3.0.20)
      actionpack (= 3.0.20)
      activerecord (= 3.0.20)
      activeresource (= 3.0.20)
      activesupport (= 3.0.20)
      bundler (~> 1.0)
      railties (= 3.0.20)
    rails3-generators (0.14.0)
    rails3-jquery-autocomplete (0.3.5)
    railties (3.0.20)
      actionpack (= 3.0.20)
      activesupport (= 3.0.20)
      rake (>= 0.8.7)
      rdoc (~> 3.4)
      thor (~> 0.14.4)
    rake (13.0.6)
    rdoc (3.12.2)
      json (~> 1.4)
    rest-client (1.6.1)
      mime-types (>= 1.16)
    rspec (2.0.0)
      rspec-core (= 2.0.0)
      rspec-expectations (= 2.0.0)
      rspec-mocks (= 2.0.0)
    rspec-core (2.0.0)
    rspec-expectations (2.0.0)
      diff-lcs (>= 1.1.2)
    rspec-mocks (2.0.0)
      rspec-core (= 2.0.0)
      rspec-expectations (= 2.0.0)
    rspec-rails (2.0.0)
      rspec (= 2.0.0)
    simple_form (1.2.2)
    thor (0.14.6)
    treetop (1.4.15)
      polyglot
      polyglot (>= 0.3.1)
    tzinfo (0.3.60)
    warden (0.10.7)
      rack (>= 1.0.0)
    webrat (0.7.1)
      nokogiri (>= 1.2.0)
      rack (>= 1.0)
      rack-test (>= 0.5.3)

PLATFORMS
  ruby

DEPENDENCIES
  cancan
  devise
  devise_invitable!
  devise_oauth2_facebook
  haml
  mysql2
  nifty-generators
  paper_trail!
  paperclip
  rails (= 3.0.20)
  rails3-generators
  rails3-jquery-autocomplete (>= 0.2.0)
  rspec-rails (>= 2.0.0.beta.19)
  simple_form
  webrat
